PATH
  remote: ..
  specs:
    ecstatic (0.0.1)
      coffee-script
      haml
      rake
      rdiscount
      sass
      sinatra
      thor
      watchr

GEM
  remote: http://rubygems.org/
  specs:
    chunky_png (1.2.7)
    coffee-script (2.2.0)
      coffee-script-source
      execjs
    coffee-script-source (1.4.0)
    compass (0.12.2)
      chunky_png (~> 1.2)
      fssm (>= 0.2.7)
      sass (~> 3.1)
    execjs (1.4.0)
      multi_json (~> 1.0)
    fssm (0.2.10)
    haml (3.1.7)
    hpricot (0.8.6)
    multi_json (1.5.0)
    rack (1.5.1)
    rack-protection (1.3.2)
      rack
    rake (10.0.3)
    rdiscount (1.6.8)
    sass (3.2.5)
    sinatra (1.3.4)
      rack (~> 1.4)
      rack-protection (~> 1.3)
      tilt (~> 1.3, >= 1.3.3)
    thor (0.17.0)
    tilt (1.3.3)
    watchr (0.7)

PLATFORMS
  ruby

DEPENDENCIES
  compass
  ecstatic!
  hpricot
